GEM
  remote: http://rubygems.org/
  specs:
    activesupport (4.2.7.1)
      i18n (~> 0.7)
      json (~> 1.7, >= 1.7.7)
      minitest (~> 5.1)
      thread_safe (~> 0.3, >= 0.3.4)
      tzinfo (~> 1.1)
    claide (1.0.0)
    clamp (0.6.5)
    colored (1.2)
    i18n (0.7.0)
    json (1.8.3)
    mini_portile2 (2.1.0)
    minitest (5.9.1)
    nokogiri (1.6.8)
      mini_portile2 (~> 2.1.0)
      pkg-config (~> 1.1.7)
    pkg-config (1.1.7)
    slather (2.3.0)
      activesupport (>= 4.0.2, < 5)
      clamp (~> 0.6)
      nokogiri (~> 1.6.3)
      xcodeproj (>= 0.20, < 2.0.0)
    thread_safe (0.3.5)
    tzinfo (1.2.2)
      thread_safe (~> 0.1)
    xcodeproj (1.3.1)
      activesupport (>= 3)
      claide (>= 1.0.0, < 2.0)
      colored (~> 1.2)

PLATFORMS
  ruby

DEPENDENCIES
  slather

BUNDLED WITH
   1.12.5
